GEM
  remote: https://rubygems.org/
  specs:
    actionmailer (2.3.12)
      actionpack (= 2.3.12)
    actionpack (2.3.12)
      activesupport (= 2.3.12)
      rack (~> 1.1.0)
    activerecord (2.3.12)
      activesupport (= 2.3.12)
    activeresource (2.3.12)
      activesupport (= 2.3.12)
    activesupport (2.3.12)
    netrc (0.7.9)
    rack (1.1.6)
    rails (2.3.12)
      actionmailer (= 2.3.12)
      actionpack (= 2.3.12)
      activerecord (= 2.3.12)
      activeresource (= 2.3.12)
      activesupport (= 2.3.12)
      rake (>= 0.8.3)
    rake (11.1.1)
    rest_client (1.8.3)
      netrc (~> 0.7.7)
    rspotify (0.7.1)
      rest_client (~> 1.7)
    sqlite3 (1.3.11)

PLATFORMS
  ruby

DEPENDENCIES
  rails (= 2.3.12)
  rspotify
  sqlite3
